GEM
  remote: https://rubygems.org/
  specs:
    language_server-protocol (3.17.0.5)
    logger (1.7.0)
    prism (1.4.0)
    rbs (3.9.4)
      logger
    ruby-lsp (0.24.1)
      language_server-protocol (~> 3.17.0)
      prism (>= 1.2, < 2.0)
      rbs (>= 3, < 5)
      sorbet-runtime (>= 0.5.10782)
    ruby2d (0.12.1)
    sorbet-runtime (0.5.12176)

PLATFORMS
  arm64-darwin-24
  ruby

DEPENDENCIES
  ruby-lsp
  ruby2d

BUNDLED WITH
   2.6.8
