GEM
  remote: https://rubygems.org/
  specs:
    ast (2.4.3)
    base64 (0.3.0)
    language_server-protocol (3.17.0.5)
    logger (1.7.0)
    parallel (1.27.0)
    parser (3.3.8.0)
      ast (~> 2.4.1)
      racc
    prism (1.4.0)
    racc (1.8.1)
    rainbow (3.1.1)
    rbs (3.9.4)
      logger
    regexp_parser (2.10.0)
    rexml (3.4.1)
    rubocop (1.24.1)
      parallel (~> 1.10)
      parser (>= 3.0.0.0)
      rainbow (>= 2.2.2, < 4.0)
      regexp_parser (>= 1.8, < 3.0)
      rexml
      rubocop-ast (>= 1.15.1, < 2.0)
      ruby-progressbar (~> 1.7)
      unicode-display_width (>= 1.4.0, < 3.0)
    rubocop-ast (1.46.0)
      parser (>= 3.3.7.2)
      prism (~> 1.4)
    ruby-lsp (0.24.1)
      language_server-protocol (~> 3.17.0)
      prism (>= 1.2, < 2.0)
      rbs (>= 3, < 5)
      sorbet-runtime (>= 0.5.10782)
    ruby-progressbar (1.13.0)
    ruby2d (0.12.1)
    sorbet-runtime (0.5.12176)
    unicode-display_width (2.6.0)

PLATFORMS
  arm64-darwin-24
  ruby

DEPENDENCIES
  base64
  rubocop (~> 1.24.1)
  ruby-lsp
  ruby2d

BUNDLED WITH
   2.6.8
